GEM
  specs:
    cuba (3.1.1)
      rack
    cutest (1.2.1)
    dotenv (0.10.0)
    pg (0.17.1)
    puma (2.8.2)
      rack (>= 1.1, < 2.0)
    rack (1.5.2)
    rack-protection (1.5.2)
      rack
    rack-test (0.6.2)
      rack (>= 1.0)
    rake (10.2.2)
    sequel (4.8.0)
    tilt (1.4.1)

PLATFORMS
  ruby

DEPENDENCIES
  cuba
  cutest
  dotenv
  pg
  puma
  rack-protection
  rack-test
  rake
  sequel
  tilt
