GEM
  specs:
    cuba (3.1.1)
      rack
    cutest (1.2.1)
    dotenv (0.10.0)
    rack (1.5.2)
    rack-protection (1.5.2)
      rack
    rack-test (0.6.2)
      rack (>= 1.0)
    rake (10.2.2)
    tilt (1.4.1)

PLATFORMS
  ruby

DEPENDENCIES
  cuba
  cutest
  dotenv
  rack-protection
  rack-test
  rake
  tilt
